GEM
  remote: https://rubygems.org/
  specs:
    coderay (1.1.3)
    dotenv (2.7.6)
    influxdb-client (2.9.0)
    method_source (1.0.0)
    netsnmp (0.7.0)
      parslet
    parslet (2.0.0)
    pry (0.14.2)
      coderay (~> 1.1)
      method_source (~> 1.0)

PLATFORMS
  arm64-darwin-21

DEPENDENCIES
  dotenv
  influxdb-client
  netsnmp
  pry

BUNDLED WITH
   2.3.6
